GEM
  remote: https://rubygems.org/
  specs:
    coderay (1.1.3)
    method_source (1.0.0)
    nokogiri (1.11.2-x86_64-linux)
      racc (~> 1.4)
    pry (0.14.0)
      coderay (~> 1.1)
      method_source (~> 1.0)
    racc (1.5.2)
    rake (12.3.3)

PLATFORMS
  x86_64-linux

DEPENDENCIES
  nokogiri
  pry
  rake (~> 12.0)

BUNDLED WITH
   2.2.7
